GEM
  remote: http://rubygems.org/
  specs:
    diff-lcs (1.1.2)
    json (1.4.6)
    mocha (0.9.8)
      rake
    nokogiri (1.4.3.1)
    rack (1.2.1)
    rack-test (0.5.4)
      rack (>= 1.0)
    rake (0.8.7)
    redis (2.0.7)
    redis-namespace (0.10.0)
      redis (< 3.0.0)
    rspec (2.0.0.beta.18)
      rspec-core (= 2.0.0.beta.18)
      rspec-expectations (= 2.0.0.beta.18)
      rspec-mocks (= 2.0.0.beta.18)
    rspec-core (2.0.0.beta.18)
    rspec-expectations (2.0.0.beta.18)
      diff-lcs (>= 1.1.2)
    rspec-mocks (2.0.0.beta.18)
    rspec-rails (2.0.0.beta.18)
      rspec (>= 2.0.0.beta.14)
      webrat (>= 0.7.0)
    webrat (0.7.1)
      nokogiri (>= 1.2.0)
      rack (>= 1.0)
      rack-test (>= 0.5.3)

PLATFORMS
  ruby

DEPENDENCIES
  json
  mocha (= 0.9.8)
  redis (= 2.0.7)
  redis-namespace (= 0.10.0)
  rspec (~> 2.0.0.beta)
  rspec-rails (~> 2.0.0.beta)
